GIT
  remote: https://github.com/Metrilo/metrilocop
  revision: 72513ddf60a95d515b9a044e57775a3ce7e2c933
  specs:
    metrilocop (0.10.1)
      rubocop
      rubocop-checkstyle_formatter
      rubocop-rspec

GEM
  remote: https://rubygems.org/
  specs:
    activesupport (6.1.3.2)
      concurrent-ruby (~> 1.0, >= 1.0.2)
      i18n (>= 1.6, < 2)
      minitest (>= 5.1)
      tzinfo (~> 2.0)
      zeitwerk (~> 2.3)
    ast (2.4.2)
    awesome_print (1.8.0)
    concurrent-ruby (1.1.9)
    faker (1.9.6)
      i18n (>= 0.7)
    i18n (1.8.10)
      concurrent-ruby (~> 1.0)
    minitest (5.14.4)
    parallel (1.21.0)
    parser (3.0.2.0)
      ast (~> 2.4.1)
    rainbow (3.0.0)
    regexp_parser (2.1.1)
    rexml (3.2.5)
    rubocop (1.20.0)
      parallel (~> 1.10)
      parser (>= 3.0.0.0)
      rainbow (>= 2.2.2, < 4.0)
      regexp_parser (>= 1.8, < 3.0)
      rexml
      rubocop-ast (>= 1.9.1, < 2.0)
      ruby-progressbar (~> 1.7)
      unicode-display_width (>= 1.4.0, < 3.0)
    rubocop-ast (1.11.0)
      parser (>= 3.0.1.1)
    rubocop-checkstyle_formatter (0.5.0)
      rubocop (>= 1.14.0)
    rubocop-rspec (2.4.0)
      rubocop (~> 1.0)
      rubocop-ast (>= 1.1.0)
    ruby-progressbar (1.11.0)
    tzinfo (2.0.4)
      concurrent-ruby (~> 1.0)
    unicode-display_width (2.0.0)
    zeitwerk (2.4.2)

PLATFORMS
  x86_64-darwin-18
  x86_64-darwin-20

DEPENDENCIES
  activesupport
  awesome_print
  faker (~> 1.9)
  metrilocop!

BUNDLED WITH
   2.2.22
